GEM
  remote: https://rubygems.org/
  specs:
    addressable (2.8.4)
      public_suffix (>= 2.0.2, < 6.0)
    ast (2.4.2)
    builder (3.2.4)
    ci_reporter (2.1.0)
      builder (>= 2.1.2)
      rexml
    crack (0.4.5)
      rexml
    diff-lcs (1.5.0)
    docile (1.4.0)
    e2mmap (0.1.0)
    hashdiff (1.0.1)
    io-console (0.6.0)
    irb (1.6.3)
      reline (>= 0.3.0)
    mustermann (2.0.2)
      ruby2_keywords (~> 0.0.1)
    parser (2.7.2.0)
      ast (~> 2.4.1)
    powerpack (0.1.3)
    public_suffix (5.0.1)
    rack (2.2.6.4)
    rack-protection (2.2.4)
      rack
    rainbow (2.1.0)
    rake (13.0.6)
    redcarpet (3.6.0)
    reline (0.3.3)
      io-console (~> 0.5)
    rexml (3.2.8)
      strscan (>= 3.0.9)
    rspec (3.12.0)
      rspec-core (~> 3.12.0)
      rspec-expectations (~> 3.12.0)
      rspec-mocks (~> 3.12.0)
    rspec-core (3.12.2)
      rspec-support (~> 3.12.0)
    rspec-expectations (3.12.2)
      diff-lcs (>= 1.2.0, < 2.0)
      rspec-support (~> 3.12.0)
    rspec-mocks (3.12.5)
      diff-lcs (>= 1.2.0, < 2.0)
      rspec-support (~> 3.12.0)
    rspec-support (3.12.0)
    rubocop (0.42.0)
      parser (>= 2.3.1.1, < 3.0)
      powerpack (~> 0.1)
      rainbow (>= 1.99.1, < 3.0)
      ruby-progressbar (~> 1.7)
      unicode-display_width (~> 1.0, >= 1.0.1)
    rubocop-rake (0.5.1)
      rubocop
    ruby-progressbar (1.13.0)
    ruby2_keywords (0.0.5)
    simplecov (0.22.0)
      docile (~> 1.1)
      simplecov-html (~> 0.11)
      simplecov_json_formatter (~> 0.1)
    simplecov-html (0.12.3)
    simplecov-rcov (0.3.1)
      simplecov (>= 0.4.1)
    simplecov_json_formatter (0.1.4)
    sinatra (2.2.4)
      mustermann (~> 2.0)
      rack (~> 2.2)
      rack-protection (= 2.2.4)
      tilt (~> 2.0)
    solargraph (0.17.4)
      bundler (~> 1.14)
      parser (~> 2.4)
      sinatra (~> 2)
      thor (~> 0.19, >= 0.19.4)
      yard (~> 0.9)
    strscan (3.1.0)
    tee (1.0.0)
    thor (0.20.3)
    thwait (0.2.0)
      e2mmap
    tilt (2.1.0)
    unicode-display_width (1.8.0)
    webmock (3.15.2)
      addressable (>= 2.8.0)
      crack (>= 0.3.2)
      hashdiff (>= 0.4.0, < 2.0.0)
    yard (0.9.34)

PLATFORMS
  ruby

DEPENDENCIES
  ci_reporter
  e2mmap
  irb
  rainbow (~> 2.1.0)
  rake
  redcarpet
  rspec
  rubocop (= 0.42.0)
  rubocop-rake
  simplecov-rcov
  solargraph
  tee
  thwait
  webmock (~> 3.15.2)
  yard

BUNDLED WITH
   1.17.3
